PATH
  remote: .
  specs:
    spider (0.1.0)
      bunny (~> 2.11)
      redis (~> 4.0)
      typhoeus (~> 1.3)

GEM
  remote: https://gems.ruby-china.com/
  specs:
    amq-protocol (2.3.0)
    awesome_print (1.8.0)
    bunny (2.11.0)
      amq-protocol (~> 2.3.0)
    coderay (1.1.2)
    diff-lcs (1.3)
    ethon (0.11.0)
      ffi (>= 1.3.0)
    ffi (1.9.25)
    method_source (0.9.0)
    pry (0.11.3)
      coderay (~> 1.1.0)
      method_source (~> 0.9.0)
    rake (10.5.0)
    redis (4.0.1)
    rspec (3.7.0)
      rspec-core (~> 3.7.0)
      rspec-expectations (~> 3.7.0)
      rspec-mocks (~> 3.7.0)
    rspec-core (3.7.1)
      rspec-support (~> 3.7.0)
    rspec-expectations (3.7.0)
      diff-lcs (>= 1.2.0, < 2.0)
      rspec-support (~> 3.7.0)
    rspec-mocks (3.7.0)
      diff-lcs (>= 1.2.0, < 2.0)
      rspec-support (~> 3.7.0)
    rspec-support (3.7.1)
    typhoeus (1.3.0)
      ethon (>= 0.9.0)

PLATFORMS
  ruby

DEPENDENCIES
  awesome_print (~> 1.8)
  bundler (~> 1.16)
  pry (~> 0.11)
  rake (~> 10.0)
  rspec (~> 3.0)
  spider!

BUNDLED WITH
   1.16.3
